GEM
  remote: https://rubygems.org/
  specs:
    faraday (0.13.1)
      multipart-post (>= 1.2, < 3)
    multipart-post (2.0.0)
    simple-rss (1.3.1)

PLATFORMS
  ruby

DEPENDENCIES
  faraday
  simple-rss

BUNDLED WITH
   1.15.4
